PATH
  remote: .
  specs:
    pings_fast_track_gem (0.1.1)
      artii (~> 2.1, >= 2.1.2)
      colorize (~> 0.8.1)
      lolcat (~> 42.24)
      pastel (~> 0.7.3)
      tty-prompt (~> 0.21.0)

GEM
  remote: https://rubygems.org/
  specs:
    artii (2.1.2)
    colorize (0.8.1)
    equatable (0.6.1)
    lolcat (42.24.1)
      paint (~> 2.0.0)
      trollop (~> 2.1.2)
    necromancer (0.5.1)
    paint (2.0.3)
    pastel (0.7.3)
      equatable (~> 0.6)
      tty-color (~> 0.5)
    rake (12.3.3)
    trollop (2.1.3)
    tty-color (0.5.1)
    tty-cursor (0.7.1)
    tty-prompt (0.21.0)
      necromancer (~> 0.5.0)
      pastel (~> 0.7.0)
      tty-reader (~> 0.7.0)
    tty-reader (0.7.0)
      tty-cursor (~> 0.7)
      tty-screen (~> 0.7)
      wisper (~> 2.0.0)
    tty-screen (0.7.1)
    wisper (2.0.1)

PLATFORMS
  ruby

DEPENDENCIES
  artii (~> 2.1, >= 2.1.2)
  colorize (~> 0.8.1)
  lolcat (~> 42.24)
  pastel (~> 0.7.3)
  pings_fast_track_gem!
  rake (~> 12.0)
  tty-prompt (~> 0.21.0)

BUNDLED WITH
   2.1.4
