PATH
  remote: .
  specs:
    pings_fast_track_gem (0.1.0)

GEM
  remote: https://rubygems.org/
  specs:
    rake (12.3.3)

PLATFORMS
  ruby

DEPENDENCIES
  pings_fast_track_gem!
  rake (~> 12.0)

BUNDLED WITH
   2.1.4
